GEM
  remote: https://rubygems.org/
  specs:
    activemodel (4.2.7.1)
      activesupport (= 4.2.7.1)
      builder (~> 3.1)
    activerecord (4.2.7.1)
      activemodel (= 4.2.7.1)
      activesupport (= 4.2.7.1)
      arel (~> 6.0)
    activesupport (4.2.7.1)
      i18n (~> 0.7)
      json (~> 1.7, >= 1.7.7)
      minitest (~> 5.1)
      thread_safe (~> 0.3, >= 0.3.4)
      tzinfo (~> 1.1)
    arel (6.0.3)
    builder (3.2.2)
    byebug (9.0.6)
    capybara (2.4.4)
      mime-types (>= 1.16)
      nokogiri (>= 1.3.3)
      rack (>= 1.0.0)
      rack-test (>= 0.5.4)
      xpath (~> 2.0)
    coderay (1.1.1)
    concurrent-ruby (1.0.2)
    connection_pool (2.2.0)
    database_cleaner (1.5.1)
    diff-lcs (1.2.5)
    extlib (0.9.16)
    highline (1.7.8)
    i18n (0.7.0)
    json (1.8.3)
    kgio (2.9.3)
    method_source (0.8.2)
    mime-types (2.99)
    mini_portile2 (2.0.0)
    minitest (5.9.1)
    nokogiri (1.6.7.2)
      mini_portile2 (~> 2.0.0.rc2)
    pg (0.18.4)
    pry (0.10.4)
      coderay (~> 1.1.0)
      method_source (~> 0.8.1)
      slop (~> 3.4)
    pry-byebug (3.4.0)
      byebug (~> 9.0)
      pry (~> 0.10)
    rack (1.6.4)
    rack-protection (1.5.3)
      rack
    rack-test (0.6.3)
      rack (>= 1.0)
    raindrops (0.13.0)
    rake (11.3.0)
    redis (3.2.2)
    rspec (3.4.0)
      rspec-core (~> 3.4.0)
      rspec-expectations (~> 3.4.0)
      rspec-mocks (~> 3.4.0)
    rspec-core (3.4.4)
      rspec-support (~> 3.4.0)
    rspec-expectations (3.4.0)
      diff-lcs (>= 1.2.0, < 2.0)
      rspec-support (~> 3.4.0)
    rspec-mocks (3.4.1)
      diff-lcs (>= 1.2.0, < 2.0)
      rspec-support (~> 3.4.0)
    rspec-sinatra (0.1.2)
      templater (>= 1.0.0)
    rspec-support (3.4.1)
    sidekiq (4.1.0)
      concurrent-ruby (~> 1.0)
      connection_pool (~> 2.2, >= 2.2.0)
      redis (~> 3.2, >= 3.2.1)
    sinatra (1.4.7)
      rack (~> 1.5)
      rack-protection (~> 1.4)
      tilt (>= 1.3, < 3)
    sinatra-activerecord (2.0.10)
      activerecord (>= 3.2)
      sinatra (~> 1.0)
    slop (3.6.0)
    sqlite3 (1.3.11)
    templater (1.0.0)
      diff-lcs (>= 1.1.2)
      extlib (>= 0.9.5)
      highline (>= 1.4.0)
    thread_safe (0.3.5)
    tilt (2.0.5)
    tzinfo (1.2.2)
      thread_safe (~> 0.1)
    unicorn (4.8.3)
      kgio (~> 2.6)
      rack
      raindrops (~> 0.7)
    xpath (2.0.0)
      nokogiri (~> 1.3)

PLATFORMS
  ruby

DEPENDENCIES
  activerecord (< 5.0.0)
  capybara
  database_cleaner
  pg
  pry
  pry-byebug
  rake
  rspec
  rspec-sinatra
  sidekiq
  sinatra
  sinatra-activerecord
  sqlite3
  unicorn
